GEM
  remote: https://rubygems.org/
  specs:
    line-bot-api (1.26.0)

PLATFORMS
  ruby

DEPENDENCIES
  line-bot-api

BUNDLED WITH
   2.3.25
